PATH
  remote: .
  specs:
    daemon-kit (0.3.0.dev)
      eventmachine (>= 0.12.10)
      i18n
      safely (>= 0.3.1)
      thor

GEM
  remote: https://rubygems.org/
  specs:
    SyslogLogger (1.4.1)
    activesupport (4.0.0)
      i18n (~> 0.6, >= 0.6.4)
      minitest (~> 4.2)
      multi_json (~> 1.3)
      thread_safe (~> 0.1)
      tzinfo (~> 0.3.37)
    aruba (0.5.3)
      childprocess (>= 0.3.6)
      cucumber (>= 1.1.1)
      rspec-expectations (>= 2.7.0)
    atomic (1.1.13)
    builder (3.2.2)
    childprocess (0.3.9)
      ffi (~> 1.0, >= 1.0.11)
    cucumber (1.3.8)
      builder (>= 2.1.2)
      diff-lcs (>= 1.1.3)
      gherkin (~> 2.12.1)
      multi_json (>= 1.7.5, < 2.0)
      multi_test (>= 0.0.2)
    diff-lcs (1.1.3)
    eventmachine (1.0.3)
    ffi (1.9.0)
    genspec (0.2.8)
      rspec (~> 2)
      sc-core-ext (~> 1.2.1)
      thor
    gherkin (2.12.1)
      multi_json (~> 1.3)
    i18n (0.6.5)
    json (1.7.5)
    minitest (4.7.5)
    multi_json (1.8.0)
    multi_test (0.0.2)
    rake (0.9.2.2)
    rdoc (3.12)
      json (~> 1.4)
    rspec (2.11.0)
      rspec-core (~> 2.11.0)
      rspec-expectations (~> 2.11.0)
      rspec-mocks (~> 2.11.0)
    rspec-core (2.11.1)
    rspec-expectations (2.11.3)
      diff-lcs (~> 1.1.3)
    rspec-mocks (2.11.3)
    safely (0.3.2)
    sc-core-ext (1.2.1)
      activesupport (>= 2.3.5)
    thor (0.18.1)
    thread_safe (0.1.2)
      atomic
    tzinfo (0.3.37)

PLATFORMS
  ruby

DEPENDENCIES
  SyslogLogger
  aruba (~> 0.5.3)
  bundler
  cucumber (~> 1.3.8)
  daemon-kit!
  genspec (~> 0.2.8)
  rake
  rdoc
  rspec (~> 2.6)
