PATH
  remote: .
  specs:
    daemon-kit (0.3.0.dev)
      eventmachine (>= 0.12.10)
      i18n
      safely (>= 0.3.1)
      thor

GEM
  remote: https://rubygems.org/
  specs:
    SyslogLogger (1.4.1)
    activesupport (4.0.0)
      i18n (~> 0.6, >= 0.6.4)
      minitest (~> 4.2)
      multi_json (~> 1.3)
      thread_safe (~> 0.1)
      tzinfo (~> 0.3.37)
    atomic (1.1.13)
    builder (3.1.3)
    cucumber (0.10.7)
      builder (>= 2.1.2)
      diff-lcs (>= 1.1.2)
      gherkin (~> 2.4.0)
      json (>= 1.4.6)
      term-ansicolor (>= 1.0.5)
    diff-lcs (1.1.3)
    eventmachine (1.0.3)
    genspec (0.2.8)
      rspec (~> 2)
      sc-core-ext (~> 1.2.1)
      thor
    gherkin (2.4.21)
      json (>= 1.4.6)
    i18n (0.6.5)
    json (1.7.5)
    minitest (4.7.5)
    mocha (0.9.12)
    multi_json (1.8.0)
    rake (0.9.2.2)
    rdoc (3.12)
      json (~> 1.4)
    rspec (2.11.0)
      rspec-core (~> 2.11.0)
      rspec-expectations (~> 2.11.0)
      rspec-mocks (~> 2.11.0)
    rspec-core (2.11.1)
    rspec-expectations (2.11.3)
      diff-lcs (~> 1.1.3)
    rspec-mocks (2.11.3)
    safely (0.3.2)
    sc-core-ext (1.2.1)
      activesupport (>= 2.3.5)
    term-ansicolor (1.0.7)
    thor (0.18.1)
    thread_safe (0.1.2)
      atomic
    tzinfo (0.3.37)

PLATFORMS
  ruby

DEPENDENCIES
  SyslogLogger
  bundler
  cucumber (~> 0.10.0)
  daemon-kit!
  genspec (~> 0.2.8)
  mocha (~> 0.9.12)
  rake
  rdoc
  rspec (~> 2.6)
