GEM
  remote: http://rubygems.org/
  specs:
    SyslogLogger (1.4.0)
      hoe (>= 1.2.0)
    builder (2.1.2)
    cucumber (0.10.2)
      builder (>= 2.1.2)
      diff-lcs (>= 1.1.2)
      gherkin (>= 2.3.5)
      json (>= 1.4.6)
      term-ansicolor (>= 1.0.5)
    diff-lcs (1.1.2)
    eventmachine (0.12.10)
    gherkin (2.3.5)
      json (>= 1.4.6)
    git (1.2.5)
    hoe (2.9.4)
      rake (>= 0.8.7)
    jeweler (1.6.0)
      bundler (~> 1.0.0)
      git (>= 1.2.5)
      rake
    json (1.5.1)
    mocha (0.9.12)
    rake (0.8.7)
    rspec (2.6.0)
      rspec-core (~> 2.6.0)
      rspec-expectations (~> 2.6.0)
      rspec-mocks (~> 2.6.0)
    rspec-core (2.6.3)
    rspec-expectations (2.6.0)
      diff-lcs (~> 1.1.2)
    rspec-mocks (2.6.0)
    safely (0.3.0)
    term-ansicolor (1.0.5)

PLATFORMS
  ruby

DEPENDENCIES
  SyslogLogger
  cucumber (~> 0.10.0)
  eventmachine (>= 0.12.10)
  jeweler (~> 1.6.0)
  mocha (~> 0.9.12)
  rspec (~> 2.6)
  safely
