PATH
  remote: .
  specs:
    daemon-kit (0.1.8.2)
      eventmachine (>= 0.12.10)
      safely (>= 0.3.1)
      thor

GEM
  remote: http://rubygems.org/
  specs:
    SyslogLogger (1.4.0)
      hoe (>= 1.2.0)
    builder (2.1.2)
    cucumber (0.10.2)
      builder (>= 2.1.2)
      diff-lcs (>= 1.1.2)
      gherkin (>= 2.3.5)
      json (>= 1.4.6)
      term-ansicolor (>= 1.0.5)
    diff-lcs (1.1.2)
    eventmachine (0.12.10)
    gherkin (2.3.5)
      json (>= 1.4.6)
    hoe (2.9.4)
      rake (>= 0.8.7)
    json (1.5.1)
    mocha (0.9.12)
    rake (0.8.7)
    rdoc (3.11)
      json (~> 1.4)
    rspec (2.6.0)
      rspec-core (~> 2.6.0)
      rspec-expectations (~> 2.6.0)
      rspec-mocks (~> 2.6.0)
    rspec-core (2.6.3)
    rspec-expectations (2.6.0)
      diff-lcs (~> 1.1.2)
    rspec-mocks (2.6.0)
    safely (0.3.1)
    term-ansicolor (1.0.5)
    thor (0.16.0)

PLATFORMS
  ruby

DEPENDENCIES
  SyslogLogger
  bundler
  cucumber (~> 0.10.0)
  daemon-kit!
  mocha (~> 0.9.12)
  rake
  rdoc
  rspec (~> 2.6)
